GEM
  remote: https://rubygems.org/
  specs:
    backports (3.6.8)
    fluent-logger (0.4.10)
      msgpack (>= 0.4.4, < 0.6.0, != 0.5.3, != 0.5.2, != 0.5.1, != 0.5.0)
      yajl-ruby (~> 1.0)
    msgpack (0.5.12)
    multi_json (1.12.1)
    rack (1.6.5)
    rack-protection (1.5.3)
      rack
    rack-test (0.6.3)
      rack (>= 1.0)
    sinatra (1.4.7)
      rack (~> 1.5)
      rack-protection (~> 1.4)
      tilt (>= 1.3, < 3)
    sinatra-contrib (1.4.7)
      backports (>= 2.0)
      multi_json
      rack-protection
      rack-test
      sinatra (~> 1.4.0)
      tilt (>= 1.3, < 3)
    tilt (2.0.5)
    yajl-ruby (1.3.0)

PLATFORMS
  ruby

DEPENDENCIES
  fluent-logger (~> 0.4.3)
  sinatra
  sinatra-contrib

BUNDLED WITH
   1.13.7
